GEM
  remote: https://rubygems.org/
  specs:
    daemons (1.1.9)
    eventmachine (1.0.3)
    ffi (1.4.0)
    listen (0.7.1)
    nokogiri (1.5.6)
    rack (1.4.2)
    rack-protection (1.3.2)
      rack
    rb-fsevent (0.9.3)
    rb-inotify (0.9.0)
      ffi (>= 0.5.0)
    rerun (0.7.1)
      listen
    ruby-ole (1.2.11.6)
    sinatra (1.3.3)
      rack (~> 1.3, >= 1.3.6)
      rack-protection (~> 1.2)
      tilt (~> 1.3, >= 1.3.3)
    spreadsheet (0.8.2)
      ruby-ole (>= 1.0)
    thin (1.5.0)
      daemons (>= 1.0.9)
      eventmachine (>= 0.12.6)
      rack (>= 1.0.0)
    tilt (1.3.3)

PLATFORMS
  ruby

DEPENDENCIES
  nokogiri
  rb-fsevent (~> 0.9.1)
  rb-inotify
  rerun
  sinatra
  spreadsheet
  thin
